GIT
  remote: https://github.com/CocoaPods/CocoaPods.git
  revision: 48973fbb6b8d0e600bc9e43c798fd25af86e92a1
  branch: info_plist_fix
  specs:
    cocoapods (1.11.0)
      addressable (~> 2.8)
      claide (>= 1.0.2, < 2.0)
      cocoapods-core (= 1.11.0)
      cocoapods-deintegrate (>= 1.0.3, < 2.0)
      cocoapods-downloader (>= 1.4.0, < 2.0)
      cocoapods-plugins (>= 1.0.0, < 2.0)
      cocoapods-search (>= 1.0.0, < 2.0)
      cocoapods-trunk (>= 1.4.0, < 2.0)
      cocoapods-try (>= 1.1.0, < 2.0)
      colored2 (~> 3.1)
      escape (~> 0.0.4)
      fourflusher (>= 2.3.0, < 3.0)
      gh_inspector (~> 1.0)
      molinillo (~> 0.8.0)
      nap (~> 1.0)
      ruby-macho (>= 1.0, < 3.0)
      xcodeproj (>= 1.21.0, < 2.0)

GIT
  remote: https://github.com/CocoaPods/Core.git
  revision: e6451e172c33f3aa77a3f8baa7b6b5b8c3b5da14
  branch: master
  specs:
    cocoapods-core (1.11.0)
      activesupport (>= 5.0, < 7)
      addressable (~> 2.8)
      algoliasearch (~> 1.0)
      concurrent-ruby (~> 1.1)
      fuzzy_match (~> 2.0.4)
      nap (~> 1.0)
      netrc (~> 0.11)
      public_suffix (~> 4.0)
      typhoeus (~> 1.0)

GIT
  remote: https://github.com/CocoaPods/Molinillo.git
  revision: 8053207d1184703a45f48d7bc00ad73aa03012b5
  branch: master
  specs:
    molinillo (0.8.0)

GIT
  remote: https://github.com/CocoaPods/Nanaimo.git
  revision: 1bf2e6e8781045fed99ca7020d5007234e715dc8
  branch: master
  specs:
    nanaimo (0.3.0)

GIT
  remote: https://github.com/CocoaPods/Xcodeproj.git
  revision: 2a1f19ad039556a153dd888cc293b9330bdc0f7a
  branch: master
  specs:
    xcodeproj (1.21.0)
      CFPropertyList (>= 2.3.3, < 4.0)
      atomos (~> 0.1.3)
      claide (>= 1.0.2, < 2.0)
      colored2 (~> 3.1)
      nanaimo (~> 0.3.0)
      rexml (~> 3.2.4)

GIT
  remote: https://github.com/CocoaPods/cocoapods-deintegrate.git
  revision: 2e378b88c65a21a4b89fad989a81a23caec48cdf
  branch: master
  specs:
    cocoapods-deintegrate (1.0.5)

GIT
  remote: https://github.com/CocoaPods/cocoapods-downloader.git
  revision: eed7e8f6c42c2e2f582f5c6c34bf44dcf0a08120
  branch: master
  specs:
    cocoapods-downloader (1.5.1)

GIT
  remote: https://github.com/CocoaPods/cocoapods-plugins.git
  revision: 5fe129c3a803dd91fac58ddc5996eecb0ddb4703
  branch: master
  specs:
    cocoapods-plugins (1.0.0)
      nap

GIT
  remote: https://github.com/CocoaPods/cocoapods-search.git
  revision: 1d10b7a71e1b7de865560d4af5ab1d9dcce5ea1d
  branch: master
  specs:
    cocoapods-search (1.0.1)

GIT
  remote: https://github.com/CocoaPods/cocoapods-trunk.git
  revision: 52932934618b7012f4b0c7469768b2d26b3792fe
  branch: master
  specs:
    cocoapods-trunk (1.6.0)
      nap (>= 0.8, < 2.0)
      netrc (~> 0.11)

GIT
  remote: https://github.com/CocoaPods/cocoapods-try.git
  revision: 607f9c85b4aea8a5662b68ab41cdd402f94d84c3
  branch: master
  specs:
    cocoapods-try (1.2.0)

GEM
  remote: https://rubygems.org/
  specs:
    CFPropertyList (3.0.3)
    activesupport (6.1.4.1)
      concurrent-ruby (~> 1.0, >= 1.0.2)
      i18n (>= 1.6, < 2)
      minitest (>= 5.1)
      tzinfo (~> 2.0)
      zeitwerk (~> 2.3)
    addressable (2.8.0)
      public_suffix (>= 2.0.2, < 5.0)
    algoliasearch (1.27.5)
      httpclient (~> 2.8, >= 2.8.3)
      json (>= 1.5.1)
    atomos (0.1.3)
    claide (1.0.3)
    colored2 (3.1.2)
    concurrent-ruby (1.1.9)
    escape (0.0.4)
    ethon (0.14.0)
      ffi (>= 1.15.0)
    ffi (1.15.4)
    fourflusher (2.3.1)
    fuzzy_match (2.0.4)
    gh_inspector (1.1.3)
    httpclient (2.8.3)
    i18n (1.8.10)
      concurrent-ruby (~> 1.0)
    json (2.5.1)
    minitest (5.14.4)
    nap (1.1.0)
    netrc (0.11.0)
    public_suffix (4.0.6)
    rexml (3.2.5)
    ruby-macho (2.5.1)
    typhoeus (1.4.0)
      ethon (>= 0.9.0)
    tzinfo (2.0.4)
      concurrent-ruby (~> 1.0)
    zeitwerk (2.4.2)

PLATFORMS
  universal-darwin-20

DEPENDENCIES
  cocoapods!
  cocoapods-core!
  cocoapods-deintegrate!
  cocoapods-downloader!
  cocoapods-plugins!
  cocoapods-search!
  cocoapods-trunk!
  cocoapods-try!
  molinillo!
  nanaimo!
  xcodeproj!

BUNDLED WITH
   2.2.27
